GEM
  remote: https://rubygems.org/
  specs:
    gpgme (2.0.5)
      mini_portile (~> 0.5.0)
    mini_portile (0.5.3)

PLATFORMS
  ruby

DEPENDENCIES
  gpgme
